GEM
  remote: https://rubygems.org/
  specs:
    haml (4.0.5)
      tilt
    sass (3.2.13)
    tilt (2.0.0)
    watchr (0.7)

PLATFORMS
  ruby

DEPENDENCIES
  haml
  sass
  watchr
